GEM
  remote: https://rubygems.org/
  specs:
    cinch (2.1.0)
    dotenv (0.11.1)
      dotenv-deployment (~> 0.0.2)
    dotenv-deployment (0.0.2)

PLATFORMS
  ruby

DEPENDENCIES
  cinch
  dotenv
